GEM
  remote: https://rubygems.org/
  specs:
    atom-tools (2.0.5)
    simple-rss (1.3.3)

PLATFORMS
  x86_64-darwin-20
  x86_64-linux

DEPENDENCIES
  atom-tools
  simple-rss

BUNDLED WITH
   2.2.22
